ObjectType = Image
NDims = 3
BinaryData = True
BinaryDataByteOrderMSB = False
CompressedData = False
TransformMatrix = 0.031386405548051721 0.99950717667896094 -0.00054526509638437104 0.029358096516141685 -0.0014671998258907449 -0.99956788138356056 -0.99907607103350782 0.031356834952584761 -0.029389678290272659
Offset = 73.4191 -132.86099999999999 119.277
CenterOfRotation = 0 0 0
AnatomicalOrientation = ASL
ElementSpacing = 1.9531199932098389 1.9531300067901611 2
DimSize = 109 91 80
ElementType = MET_SHORT
ElementDataFile = brain.raw