NDims = 3
DimSize =  109 91 80
ElementType = MET_SHORT
ElementDataFile = brain_convolution5_out.raw
