ObjectType = Image
NDims = 3
BinaryData = True
BinaryDataByteOrderMSB = False
CompressedData = False
TransformMatrix = 0 1 0 0 0 -1 -1 0 0
Offset = 74.303349999999995 -124.771 119.4873
CenterOfRotation = 0 0 0
AnatomicalOrientation = ASL
ElementSpacing = 2.714418888092041 2.714418888092041 2.714418888092041
DimSize = 94 94 58
ElementType = MET_SHORT
ElementDataFile = corrupt.raw